GIT
  remote: https://github.com/mcanevet/rspec-puppet-facts
  revision: dbdf4deda25d03e9a68d462dc5adfc0fda5ab4ca
  specs:
    rspec-puppet-facts (1.1.1)
      facter
      facterdb (>= 0.2.0)
      json
      puppet

GIT
  remote: https://github.com/puppetlabs/puppetlabs_spec_helper
  revision: ea5d01fd13aef495b2c7da8e802a3939966f6729
  specs:
    puppetlabs_spec_helper (0.10.3)
      mocha
      puppet-lint
      puppet-syntax
      rake
      rspec-puppet

GIT
  remote: https://github.com/rodjek/puppet-lint
  revision: 2546fed6be894bbcff15c3f48d4b6f6bc15d94d1
  specs:
    puppet-lint (1.1.0)

GIT
  remote: https://github.com/rodjek/rspec-puppet
  revision: 7659172a5f47c286c03ba6fa76a39cac1087c324
  specs:
    rspec-puppet (2.2.1.pre)
      rspec

GEM
  remote: https://rubygems.org/
  specs:
    CFPropertyList (2.2.8)
    addressable (2.3.8)
    backports (3.6.6)
    coderay (1.0.9)
    diff-lcs (1.2.5)
    domain_name (0.5.25)
      unf (>= 0.0.5, < 1.0.0)
    ethon (0.8.0)
      ffi (>= 1.3.0)
    facter (2.4.4)
      CFPropertyList (~> 2.2.6)
    facterdb (0.2.1)
      facter
      jgrep
      json
    faraday (0.9.2)
      multipart-post (>= 1.2, < 3)
    faraday_middleware (0.10.0)
      faraday (>= 0.7.4, < 0.10)
    ffi (1.9.10)
    gh (0.14.0)
      addressable
      backports
      faraday (~> 0.8)
      multi_json (~> 1.0)
      net-http-persistent (>= 2.7)
      net-http-pipeline
    hiera (3.0.1)
      json_pure
    highline (1.7.8)
    http-cookie (1.0.2)
      domain_name (~> 0.5)
    jgrep (1.3.3)
      json
    json (1.8.3)
    json_pure (1.8.3)
    launchy (2.4.3)
      addressable (~> 2.3)
    metaclass (0.0.4)
    metadata-json-lint (0.0.11)
      json
      spdx-licenses (~> 1.0)
    method_source (0.7.1)
    mime-types (2.6.2)
    mocha (1.1.0)
      metaclass (~> 0.0.1)
    multi_json (1.11.2)
    multipart-post (2.0.0)
    net-http-persistent (2.9.4)
    net-http-pipeline (1.0.1)
    netrc (0.10.3)
    pry (0.9.8)
      coderay (~> 1.0.5)
      method_source (~> 0.7)
      slop (>= 2.4.3, < 3)
    puppet (4.2.2)
      facter (> 2.0, < 4)
      hiera (>= 2.0, < 4)
      json_pure
    puppet-blacksmith (3.3.1)
      puppet (>= 2.7.16)
      rest-client
    puppet-lint-absolute_classname-check (0.1.3)
      puppet-lint (~> 1.0)
    puppet-lint-empty_string-check (0.2.1)
      puppet-lint (~> 1.0)
    puppet-lint-leading_zero-check (0.1.0)
      puppet-lint (~> 1.0)
    puppet-lint-roles_and_profiles-check (0.1.0)
      puppet-lint (~> 1.0)
    puppet-lint-spaceship_operator_without_tag-check (0.1.0)
      puppet-lint (~> 1.0)
    puppet-lint-undef_in_function-check (0.1.0)
      puppet-lint (~> 1.0)
    puppet-lint-unquoted_string-check (0.2.5)
      puppet-lint (~> 1.0)
    puppet-lint-variable_contains_upcase (1.0.0)
      puppet-lint (~> 1.0)
    puppet-syntax (2.0.0)
      rake
    pusher-client (0.6.2)
      json
      websocket (~> 1.0)
    rake (10.4.2)
    rest-client (1.8.0)
      http-cookie (>= 1.0.2, < 2.0)
      mime-types (>= 1.16, < 3.0)
      netrc (~> 0.7)
    rspec (3.1.0)
      rspec-core (~> 3.1.0)
      rspec-expectations (~> 3.1.0)
      rspec-mocks (~> 3.1.0)
    rspec-core (3.1.7)
      rspec-support (~> 3.1.0)
    rspec-expectations (3.1.2)
      diff-lcs (>= 1.2.0, < 2.0)
      rspec-support (~> 3.1.0)
    rspec-mocks (3.1.3)
      rspec-support (~> 3.1.0)
    rspec-support (3.1.2)
    slop (2.4.4)
    spdx-licenses (1.0.0)
      json
    travis (1.8.0)
      addressable (~> 2.3)
      backports
      faraday (~> 0.9)
      faraday_middleware (~> 0.9, >= 0.9.1)
      gh (~> 0.13)
      highline (~> 1.6)
      launchy (~> 2.1)
      pry (~> 0.9, < 0.10)
      pusher-client (~> 0.4)
      typhoeus (~> 0.6, >= 0.6.8)
    travis-lint (2.0.0)
      json
    typhoeus (0.8.0)
      ethon (>= 0.8.0)
    unf (0.1.4)
      unf_ext
    unf_ext (0.0.7.1)
    websocket (1.2.2)

PLATFORMS
  ruby

DEPENDENCIES
  metadata-json-lint
  pry (<= 0.9.8)
  puppet (~> 4.2.0)
  puppet-blacksmith
  puppet-lint!
  puppet-lint-absolute_classname-check
  puppet-lint-empty_string-check
  puppet-lint-leading_zero-check
  puppet-lint-roles_and_profiles-check
  puppet-lint-spaceship_operator_without_tag-check
  puppet-lint-undef_in_function-check
  puppet-lint-unquoted_string-check
  puppet-lint-variable_contains_upcase
  puppet-syntax
  puppetlabs_spec_helper!
  rake
  rspec (< 3.2.0)
  rspec-puppet!
  rspec-puppet-facts!
  travis
  travis-lint

BUNDLED WITH
   1.10.6
